PATH
  remote: .
  specs:
    fetch-api (0.3.4)
      json
      mini_mime
      net-http
      rack
      singleton
      uri

GEM
  remote: https://rubygems.org/
  specs:
    diff-lcs (1.5.1)
    json (2.7.2)
    mini_mime (1.1.5)
    net-http (0.4.1)
      uri
    rack (3.1.6)
    rackup (2.1.0)
      rack (>= 3)
      webrick (~> 1.8)
    rake (13.2.1)
    rspec (3.13.0)
      rspec-core (~> 3.13.0)
      rspec-expectations (~> 3.13.0)
      rspec-mocks (~> 3.13.0)
    rspec-core (3.13.0)
      rspec-support (~> 3.13.0)
    rspec-expectations (3.13.1)
      diff-lcs (>= 1.2.0, < 2.0)
      rspec-support (~> 3.13.0)
    rspec-mocks (3.13.1)
      diff-lcs (>= 1.2.0, < 2.0)
      rspec-support (~> 3.13.0)
    rspec-support (3.13.1)
    singleton (0.2.0)
    uri (0.13.0)
    webrick (1.8.1)

PLATFORMS
  ruby
  x86_64-linux

DEPENDENCIES
  fetch-api!
  rackup
  rake
  rspec

BUNDLED WITH
   2.5.14
